GEM
  remote: https://rubygems.org/
  specs:
    io-console (0.5.9)

PLATFORMS
  ruby

DEPENDENCIES
  io-console

BUNDLED WITH
   2.0.2
